PATH
  remote: .
  specs:
    sourced-ui (0.1.0)
      datastar
      logger
      phlex
      rack
      sourced

PATH
  remote: /Users/ismasan/code/personal/gems/sourced
  specs:
    sourced (0.0.1)
      async
      plumb (>= 0.0.12)

GEM
  remote: https://rubygems.org/
  specs:
    async (2.24.0)
      console (~> 1.29)
      fiber-annotation
      io-event (~> 1.9)
      metrics (~> 0.12)
      traces (~> 0.15)
    bigdecimal (3.2.1)
    concurrent-ruby (1.3.5)
    console (1.30.2)
      fiber-annotation
      fiber-local (~> 1.1)
      json
    datastar (1.0.0.beta.3)
      rack (>= 3.1.14)
    diff-lcs (1.6.2)
    fiber-annotation (0.2.0)
    fiber-local (1.1.0)
      fiber-storage
    fiber-storage (1.0.1)
    io-event (1.10.1)
    json (2.12.2)
    logger (1.7.0)
    metrics (0.12.2)
    phlex (2.3.1)
      zeitwerk (~> 2.7)
    plumb (0.0.12)
      bigdecimal
      concurrent-ruby
    rack (3.1.15)
    rake (13.3.0)
    rspec (3.13.1)
      rspec-core (~> 3.13.0)
      rspec-expectations (~> 3.13.0)
      rspec-mocks (~> 3.13.0)
    rspec-core (3.13.4)
      rspec-support (~> 3.13.0)
    rspec-expectations (3.13.5)
      diff-lcs (>= 1.2.0, < 2.0)
      rspec-support (~> 3.13.0)
    rspec-mocks (3.13.5)
      diff-lcs (>= 1.2.0, < 2.0)
      rspec-support (~> 3.13.0)
    rspec-support (3.13.4)
    traces (0.15.2)
    zeitwerk (2.7.3)

PLATFORMS
  arm64-darwin-24
  ruby

DEPENDENCIES
  rake (~> 13.0)
  rspec (~> 3.0)
  sourced!
  sourced-ui!

BUNDLED WITH
   2.6.3
